GEM
  remote: http://rubygems.org/
  specs:
    aws-sdk (2.0.14.pre)
      aws-sdk-resources (= 2.0.14.pre)
    aws-sdk-core (2.0.14)
      builder (~> 3.0)
      jmespath (~> 1.0)
      multi_json (~> 1.0)
      multi_xml (~> 0.5)
    aws-sdk-resources (2.0.14.pre)
      aws-sdk-core (= 2.0.14)
    builder (3.2.2)
    jmespath (1.0.2)
      multi_json (~> 1.0)
    multi_json (1.10.1)
    multi_xml (0.5.5)
    rake (10.4.2)

PLATFORMS
  x86-mingw32

DEPENDENCIES
  aws-sdk (~> 2.0.14.beta)
  rake
